GEM
  remote: https://rubygems.org/
  specs:
    rack (1.5.1)
    rack-protection (1.3.2)
      rack
    rack-test (0.6.2)
      rack (>= 1.0)
    sinatra (1.3.4)
      rack (~> 1.4)
      rack-protection (~> 1.3)
      tilt (~> 1.3, >= 1.3.3)
    sqlite3 (1.3.7)
    sqlite3-ruby (1.3.3)
      sqlite3 (>= 1.3.3)
    test-unit (2.5.4)
    tilt (1.3.3)

PLATFORMS
  ruby

DEPENDENCIES
  rack
  rack-test
  sinatra
  sqlite3-ruby
  test-unit
